GEM
  remote: https://rubygems.org/
  specs:
    simple-view (0.1.3)

PLATFORMS
  ruby

DEPENDENCIES
  simple-view
